GEM
  remote: https://rubygems.org/
  specs:
    mini_portile2 (2.3.0)
    nokogiri (1.8.2)
      mini_portile2 (~> 2.3.0)
    tf-idf-similarity (0.1.6)
      unicode_utils (~> 1.4)
    unicode_utils (1.4.0)

PLATFORMS
  ruby

DEPENDENCIES
  nokogiri
  tf-idf-similarity

BUNDLED WITH
   1.16.1
